PATH
  remote: .
  specs:
    celtics_roster (0.1.0)
      pastel
      tty-font

GEM
  remote: https://rubygems.org/
  specs:
    diff-lcs (1.3)
    equatable (0.6.1)
    pastel (0.7.3)
      equatable (~> 0.6)
      tty-color (~> 0.5)
    rake (13.0.1)
    rspec (3.9.0)
      rspec-core (~> 3.9.0)
      rspec-expectations (~> 3.9.0)
      rspec-mocks (~> 3.9.0)
    rspec-core (3.9.1)
      rspec-support (~> 3.9.1)
    rspec-expectations (3.9.0)
      diff-lcs (>= 1.2.0, < 2.0)
      rspec-support (~> 3.9.0)
    rspec-mocks (3.9.1)
      diff-lcs (>= 1.2.0, < 2.0)
      rspec-support (~> 3.9.0)
    rspec-support (3.9.2)
    tty-color (0.5.0)
    tty-font (0.4.0)

PLATFORMS
  ruby

DEPENDENCIES
  bundler (~> 1.16)
  celtics_roster!
  rake (~> 13.0)
  rspec (~> 3.0)
  tty-font

BUNDLED WITH
   1.17.2
